PATH
  remote: .
  specs:
    turkish_list (0.1.1)

GEM
  remote: https://rubygems.org/
  specs:
    rake (12.3.3)

PLATFORMS
  ruby

DEPENDENCIES
  rake (~> 12.0)
  turkish_list!

BUNDLED WITH
   2.1.4
